PATH
  remote: /Users/mattt/Code/rack-push-notification
  specs:
    rack-push-notification (0.5.3)
      rack (~> 1.4)
      rack-contrib (~> 1.1)
      sequel (>= 3.0)
      sinatra (~> 1.3)
      sinatra-param (~> 0.1)

GEM
  remote: https://rubygems.org/
  specs:
    daemons (1.3.1)
    eventmachine (1.2.7)
    pg (1.1.4)
    rack (1.6.11)
    rack-contrib (1.8.0)
      rack (~> 1.4)
    rack-protection (1.5.5)
      rack
    sequel (5.22.0)
    sinatra (1.4.8)
      rack (~> 1.5)
      rack-protection (~> 1.4)
      tilt (>= 1.3, < 3)
    sinatra-param (0.1.3)
      sinatra (~> 1.3)
    thin (1.7.2)
      daemons (~> 1.0, >= 1.0.9)
      eventmachine (~> 1.0, >= 1.0.4)
      rack (>= 1, < 3)
    tilt (2.0.9)

PLATFORMS
  ruby

DEPENDENCIES
  pg
  rack-push-notification!
  sinatra
  thin

BUNDLED WITH
   2.0.1
