PATH
  remote: /Users/dbloete/Sources/rack-push-notification
  specs:
    rack-push-notification (0.1.2)
      bootstrap-sass (~> 2.1.0)
      coffee-script (~> 2.2)
      compass (~> 0.11)
      eco (~> 1.0)
      haml (~> 3.1)
      houston (~> 0.1.1)
      rack (~> 1.4)
      rack-contrib (~> 1.1)
      sass (~> 3.2)
      sequel (~> 3.37)
      sinatra (~> 1.3.2)
      sinatra-param (~> 0.1)
      sprockets (~> 2.8)
      sprockets-sass (~> 0.9)

GEM
  remote: http://rubygems.org/
  specs:
    bootstrap-sass (2.1.1.0)
    chunky_png (1.2.7)
    coffee-script (2.2.0)
      coffee-script-source
      execjs
    coffee-script-source (1.4.0)
    commander (4.1.3)
      highline (~> 1.6.11)
    compass (0.12.2)
      chunky_png (~> 1.2)
      fssm (>= 0.2.7)
      sass (~> 3.1)
    daemons (1.1.9)
    eco (1.0.0)
      coffee-script
      eco-source
      execjs
    eco-source (1.1.0.rc.1)
    eventmachine (1.0.0)
    execjs (1.4.0)
      multi_json (~> 1.0)
    foreman (0.61.0)
      thor (>= 0.13.6)
    fssm (0.2.9)
    haml (3.1.7)
    highline (1.6.15)
    hike (1.2.1)
    houston (0.1.1)
      commander (~> 4.1.2)
      json (~> 1.7.3)
    json (1.7.6)
    multi_json (1.5.0)
    pg (0.14.1)
    rack (1.4.4)
    rack-contrib (1.1.0)
      rack (>= 0.9.1)
    rack-protection (1.3.2)
      rack
    sass (3.2.5)
    sequel (3.43.0)
    sinatra (1.3.3)
      rack (~> 1.3, >= 1.3.6)
      rack-protection (~> 1.2)
      tilt (~> 1.3, >= 1.3.3)
    sinatra-param (0.1.2)
      sinatra (~> 1.3)
    sprockets (2.8.2)
      hike (~> 1.2)
      multi_json (~> 1.0)
      rack (~> 1.0)
      tilt (~> 1.1, != 1.3.0)
    sprockets-sass (0.9.1)
      sprockets (~> 2.0)
      tilt (~> 1.1)
    thin (1.5.0)
      daemons (>= 1.0.9)
      eventmachine (>= 0.12.6)
      rack (>= 1.0.0)
    thor (0.17.0)
    tilt (1.3.3)

PLATFORMS
  ruby

DEPENDENCIES
  foreman
  pg
  rack-push-notification!
  sinatra
  thin
